GEM
  specs:
    coderay (1.1.3)
    docile (1.3.4)
    method_source (1.0.0)
    minitest (5.14.2)
    mocha (1.12.0)
    pry (0.13.1)
      coderay (~> 1.1)
      method_source (~> 1.0)
    rake (13.0.3)
    simplecov (0.21.1)
      docile (~> 1.1)
      simplecov-html (~> 0.11)
      simplecov_json_formatter (~> 0.1)
    simplecov-html (0.12.3)
    simplecov_json_formatter (0.1.2)

PLATFORMS
  ruby

DEPENDENCIES
  minitest
  mocha
  pry
  rake
  simplecov

BUNDLED WITH
   2.1.4
